PATH
  remote: .
  specs:
    mdlsql (0.0.1)
      mysql2

GEM
  remote: https://rubygems.org/
  specs:
    mysql2 (0.3.11)
    rake (10.1.0)

PLATFORMS
  ruby

DEPENDENCIES
  bundler (~> 1.3)
  mdlsql!
  rake
